GEM
  remote: https://rubygems.org/
  specs:
    aws-sdk (2.5.2)
      aws-sdk-resources (= 2.5.2)
    aws-sdk-core (2.5.2)
      jmespath (~> 1.0)
    aws-sdk-resources (2.5.2)
      aws-sdk-core (= 2.5.2)
    hash_dot (2.0.2)
    jmespath (1.3.1)

PLATFORMS
  ruby

DEPENDENCIES
  aws-sdk
  hash_dot

BUNDLED WITH
   1.12.5
